{
    "TaskName": "CE",
    "Manufacturer": "Neuroscan",
    "PowerLineFrequency": 60,
    "SamplingFrequency": 1000.0,
    "SoftwareFilters": "n/a",
    "RecordingDuration": 310.239,
    "RecordingType": "continuous",
    "EEGReference": "Mastoide derecha",
    "EEGGround": "n/a",
    "EEGPlacementScheme": "based on the extended 10/20 system"
}
